GEM
  remote: https://rubygems.org/
  specs:
    redis (4.1.0)

PLATFORMS
  ruby

DEPENDENCIES
  redis

BUNDLED WITH
   1.16.2
